GIT
  remote: git://github.com/jwo/jruby-sandbox.git
  revision: a2bb0eb8f68d810da8014c87e3d58053d4aaa06c
  specs:
    jruby_sandbox (0.1.4)
      fakefs

GEM
  remote: http://ruby.taobao.org/
  specs:
    fakefs (0.4.3)
    puma (2.6.0)
      rack (>= 1.1, < 2.0)
    puma (2.6.0-java)
      rack (>= 1.1, < 2.0)
    rack (1.5.2)
    rack-protection (1.5.0)
      rack
    rack-timeout (0.0.4)
    rake (10.1.0)
    sinatra (1.4.3)
      rack (~> 1.4)
      rack-protection (~> 1.4)
      tilt (~> 1.3, >= 1.3.4)
    tilt (1.4.1)

PLATFORMS
  java
  ruby

DEPENDENCIES
  jruby_sandbox!
  puma
  rack-timeout
  rake
  sinatra
